PATH
  remote: .
  specs:
    sudoku_builder (0.1.2)

GEM
  remote: https://rubygems.org/
  specs:
    rake (10.4.2)

PLATFORMS
  ruby

DEPENDENCIES
  bundler (~> 1.9)
  rake (~> 10.0)
  sudoku_builder!
